PATH
  remote: .
  specs:
    auto_browse (0.1.0)
      bezier_curve
      capybara
      cuprite
      ferrum
      mini_magick
      victor

GEM
  remote: https://rubygems.org/
  specs:
    addressable (2.8.0)
      public_suffix (>= 2.0.2, < 5.0)
    bezier_curve (0.9.0)
    capybara (3.36.0)
      addressable
      matrix
      mini_mime (>= 0.1.3)
      nokogiri (~> 1.8)
      rack (>= 1.6.0)
      rack-test (>= 0.6.3)
      regexp_parser (>= 1.5, < 3.0)
      xpath (~> 3.2)
    cliver (0.3.2)
    concurrent-ruby (1.1.10)
    cuprite (0.13)
      capybara (>= 2.1, < 4)
      ferrum (~> 0.11.0)
    diff-lcs (1.5.0)
    ferrum (0.11)
      addressable (~> 2.5)
      cliver (~> 0.3)
      concurrent-ruby (~> 1.1)
      websocket-driver (>= 0.6, < 0.8)
    matrix (0.4.2)
    mini_magick (4.11.0)
    mini_mime (1.1.2)
    nokogiri (1.13.4-x86_64-linux)
      racc (~> 1.4)
    public_suffix (4.0.7)
    racc (1.6.0)
    rack (2.2.3)
    rack-test (1.1.0)
      rack (>= 1.0, < 3)
    rake (13.0.6)
    regexp_parser (2.3.0)
    rspec (3.11.0)
      rspec-core (~> 3.11.0)
      rspec-expectations (~> 3.11.0)
      rspec-mocks (~> 3.11.0)
    rspec-core (3.11.0)
      rspec-support (~> 3.11.0)
    rspec-expectations (3.11.0)
      diff-lcs (>= 1.2.0, < 2.0)
      rspec-support (~> 3.11.0)
    rspec-mocks (3.11.1)
      diff-lcs (>= 1.2.0, < 2.0)
      rspec-support (~> 3.11.0)
    rspec-support (3.11.0)
    victor (0.3.3)
    websocket-driver (0.7.5)
      websocket-extensions (>= 0.1.0)
    websocket-extensions (0.1.5)
    xpath (3.2.0)
      nokogiri (~> 1.8)

PLATFORMS
  x86_64-linux

DEPENDENCIES
  auto_browse!
  rake (~> 13.0)
  rspec (~> 3.0)

BUNDLED WITH
   2.2.33
